GEM
  remote: https://rubygems.org/
  specs:
    engtagger (0.2.1)
    httparty (0.17.0)
      mime-types (~> 3.0)
      multi_xml (>= 0.5.2)
    madlibber (0.0.8)
      engtagger
    mime-types (3.2.2)
      mime-types-data (~> 3.2015)
    mime-types-data (3.2019.0331)
    mini_portile2 (2.4.0)
    multi_xml (0.6.0)
    nokogiri (1.10.8)
      mini_portile2 (~> 2.4.0)

PLATFORMS
  ruby

DEPENDENCIES
  httparty
  madlibber
  nokogiri

BUNDLED WITH
   2.0.2
